PATH
  remote: .
  specs:
    email_validator (1.1.0)

GEM
  remote: http://rubygems.org/
  specs:
    activemodel (3.0.9)
      activesupport (= 3.0.9)
      builder (~> 2.1.2)
      i18n (~> 0.5.0)
    activesupport (3.0.9)
    builder (2.1.2)
    i18n (0.5.0)

PLATFORMS
  ruby

DEPENDENCIES
  activemodel
  email_validator!
